GIT
  remote: https://github.com/nclaburn/pakyow-auth.git
  revision: cb128d3f371c7554dae08b6b2da0c1bbc8804371
  specs:
    pakyow-auth (0.1)

GEM
  remote: http://rubygems.org/
  specs:
    activemodel (3.2.2)
      activesupport (= 3.2.2)
      builder (~> 3.0.0)
    activesupport (3.2.2)
      i18n (~> 0.6)
      multi_json (~> 1.0)
    archive-tar-minitar (0.5.2)
    bson (1.6.0)
    bson_ext (1.6.0)
      bson (= 1.6.0)
    builder (3.0.0)
    columnize (0.3.6)
    i18n (0.6.0)
    linecache19 (0.5.12)
      ruby_core_source (>= 0.1.4)
    mail (2.4.1)
      i18n (>= 0.4.0)
      mime-types (~> 1.16)
      treetop (~> 1.4.8)
    mime-types (1.17.2)
    mongo (1.6.0)
      bson (= 1.6.0)
    mongoid (2.4.5)
      activemodel (~> 3.1)
      mongo (~> 1.3)
      tzinfo (~> 0.3.22)
    multi_json (1.1.0)
    nokogiri (1.5.0)
    pakyow (0.7.2)
      pakyow-core (= 0.7.2)
      pakyow-mailer (= 0.7.2)
      pakyow-presenter (= 0.7.2)
    pakyow-core (0.7.2)
      rack (~> 1.3)
    pakyow-mailer (0.7.2)
      mail (~> 2.3)
      pakyow-core (= 0.7.2)
      pakyow-presenter (= 0.7.2)
    pakyow-presenter (0.7.2)
      nokogiri (~> 1.5)
      pakyow-core (= 0.7.2)
    polyglot (0.3.3)
    rack (1.4.1)
    rake (0.9.2.2)
    ruby-debug-base19 (0.11.25)
      columnize (>= 0.3.1)
      linecache19 (>= 0.5.11)
      ruby_core_source (>= 0.1.4)
    ruby-debug-base19x (0.11.29)
      columnize (>= 0.3.1)
      linecache19 (>= 0.5.11)
      rake (>= 0.8.1)
      ruby_core_source (>= 0.1.4)
    ruby-debug19 (0.11.6)
      columnize (>= 0.3.1)
      linecache19 (>= 0.5.11)
      ruby-debug-base19 (>= 0.11.19)
    ruby_core_source (0.1.5)
      archive-tar-minitar (>= 0.5.2)
    treetop (1.4.10)
      polyglot
      polyglot (>= 0.3.1)
    tzinfo (0.3.31)

PLATFORMS
  ruby

DEPENDENCIES
  bson_ext
  linecache19
  mongoid
  pakyow
  pakyow-auth!
  rack
  rake
  ruby-debug-base19x
  ruby-debug19
